PATH
  remote: .
  specs:
    ruby-vps (0.0.0)
      thor (~> 0.14.6)

GEM
  remote: http://rubygems.org/
  specs:
    thor (0.14.6)

PLATFORMS
  ruby

DEPENDENCIES
  ruby-vps!
